GEM
  remote: https://rubygems.org/
  specs:
    dotenv (2.5.0)
    ffi (1.9.25)
    mini_portile2 (2.3.0)
    rdkafka (0.3.5)
      ffi (~> 1.9)
      mini_portile2 (~> 2.1)

PLATFORMS
  ruby

DEPENDENCIES
  bundler
  dotenv
  rdkafka

RUBY VERSION
   ruby 2.5.1p57

BUNDLED WITH
   1.16.3
